PATH
  remote: .
  specs:
    codeme-agent (0.1.0)
      codeme-common
      nio4r
      websocket-driver

GEM
  remote: https://rubygems.org/
  specs:
    codeme-common (0.1.0)
    diff-lcs (1.2.5)
    nio4r (1.2.1)
    rake (10.5.0)
    rspec (3.5.0)
      rspec-core (~> 3.5.0)
      rspec-expectations (~> 3.5.0)
      rspec-mocks (~> 3.5.0)
    rspec-core (3.5.4)
      rspec-support (~> 3.5.0)
    rspec-expectations (3.5.0)
      diff-lcs (>= 1.2.0, < 2.0)
      rspec-support (~> 3.5.0)
    rspec-mocks (3.5.0)
      diff-lcs (>= 1.2.0, < 2.0)
      rspec-support (~> 3.5.0)
    rspec-support (3.5.0)
    websocket-driver (0.6.4)
      websocket-extensions (>= 0.1.0)
    websocket-extensions (0.1.2)

PLATFORMS
  ruby

DEPENDENCIES
  bundler (~> 1.13)
  codeme-agent!
  rake (~> 10.0)
  rspec (~> 3.0)

BUNDLED WITH
   1.13.6
