PATH
  remote: .
  specs:
    codeme-agent (0.1.1)
      aasm
      codeme-common
      mfrc522
      nio4r
      pi_piper
      websocket-driver

GEM
  remote: https://rubygems.org/
  specs:
    aasm (4.11.1)
    codeme-common (0.1.0)
    diff-lcs (1.2.5)
    eventmachine (1.0.9)
    ffi (1.9.14)
    mfrc522 (1.0.4)
      pi_piper (~> 2.0.0, >= 2.0.0)
    nio4r (1.2.1)
    pi_piper (2.0.0)
      eventmachine (= 1.0.9)
      ffi
    rake (10.5.0)
    rspec (3.5.0)
      rspec-core (~> 3.5.0)
      rspec-expectations (~> 3.5.0)
      rspec-mocks (~> 3.5.0)
    rspec-core (3.5.4)
      rspec-support (~> 3.5.0)
    rspec-expectations (3.5.0)
      diff-lcs (>= 1.2.0, < 2.0)
      rspec-support (~> 3.5.0)
    rspec-mocks (3.5.0)
      diff-lcs (>= 1.2.0, < 2.0)
      rspec-support (~> 3.5.0)
    rspec-support (3.5.0)
    websocket-driver (0.6.4)
      websocket-extensions (>= 0.1.0)
    websocket-extensions (0.1.2)

PLATFORMS
  ruby

DEPENDENCIES
  bundler (~> 1.13)
  codeme-agent!
  rake (~> 10.0)
  rspec (~> 3.0)

BUNDLED WITH
   1.13.6
